GEM
  remote: https://rubygems.org/
  specs:
    RedCloth (4.2.9)
    albino (1.3.3)
      posix-spawn (>= 0.3.6)
    classifier (1.3.4)
      fast-stemmer (>= 1.0.0)
    directory_watcher (1.5.1)
    fast-stemmer (1.0.2)
    jekyll (0.11.2)
      albino (~> 1.3)
      classifier (~> 1.3)
      directory_watcher (~> 1.1)
      kramdown (~> 0.13)
      liquid (~> 2.3)
      maruku (~> 0.5)
    kramdown (0.14.2)
    liquid (2.6.2)
    maruku (0.7.2)
    posix-spawn (0.3.11)
    rake (10.4.2)
    rdiscount (2.1.8)

PLATFORMS
  ruby

DEPENDENCIES
  RedCloth
  jekyll (~> 0.11.2)
  rake
  rdiscount
